GEM
  remote: https://rubygems.org/
  specs:
    actionpack (6.1.7.3)
      actionview (= 6.1.7.3)
      activesupport (= 6.1.7.3)
      rack (~> 2.0, >= 2.0.9)
      rack-test (>= 0.6.3)
      rails-dom-testing (~> 2.0)
      rails-html-sanitizer (~> 1.0, >= 1.2.0)
    actionview (6.1.7.3)
      activesupport (= 6.1.7.3)
      builder (~> 3.1)
      erubi (~> 1.4)
      rails-dom-testing (~> 2.0)
      rails-html-sanitizer (~> 1.1, >= 1.2.0)
    activesupport (6.1.7.3)
      concurrent-ruby (~> 1.0, >= 1.0.2)
      i18n (>= 1.6, < 2)
      minitest (>= 5.1)
      tzinfo (~> 2.0)
      zeitwerk (~> 2.3)
    builder (3.2.4)
    concurrent-ruby (1.2.2)
    crass (1.0.6)
    dotenv (2.8.1)
    dotenv-rails (2.8.1)
      dotenv (= 2.8.1)
      railties (>= 3.2)
    erubi (1.12.0)
    i18n (1.12.0)
      concurrent-ruby (~> 1.0)
    loofah (2.20.0)
      crass (~> 1.0.2)
      nokogiri (>= 1.5.9)
    method_source (1.0.0)
    minitest (5.18.0)
    nokogiri (1.14.2-x86_64-linux)
      racc (~> 1.4)
    racc (1.6.2)
    rack (2.2.6.4)
    rack-test (2.1.0)
      rack (>= 1.3)
    rails-dom-testing (2.0.3)
      activesupport (>= 4.2.0)
      nokogiri (>= 1.6)
    rails-html-sanitizer (1.5.0)
      loofah (~> 2.19, >= 2.19.1)
    railties (6.1.7.3)
      actionpack (= 6.1.7.3)
      activesupport (= 6.1.7.3)
      method_source
      rake (>= 12.2)
      thor (~> 1.0)
    rake (13.0.6)
    sqlite3 (1.6.2-x86_64-linux)
    thor (1.2.1)
    tzinfo (2.0.6)
      concurrent-ruby (~> 1.0)
    zeitwerk (2.6.7)

PLATFORMS
  x86_64-linux

DEPENDENCIES
  dotenv-rails (~> 2.0)
  sqlite3 (~> 1.4)

RUBY VERSION
   ruby 2.7.6p219

BUNDLED WITH
   2.3.23
